GEM
  remote: http://rubygems.org/
  specs:
    activesupport (3.2.5)
      i18n (~> 0.6)
      multi_json (~> 1.0)
    i18n (0.6.0)
    json (1.7.3)
    multi_json (1.3.6)
    nokogiri (1.5.3)
    scrapify (0.0.4)
      activesupport
      json
      nokogiri

PLATFORMS
  ruby

DEPENDENCIES
  scrapify
